GEM
  remote: https://rubygems.org/
  specs:
    rack (2.0.6)
    roda (3.16.0)
      rack
    sequel (5.17.0)
    sqlite3 (1.4.0)

PLATFORMS
  ruby

DEPENDENCIES
  roda
  sequel
  sqlite3

BUNDLED WITH
   1.17.2
